GIT
  remote: git://github.com/rails/actioncable.git
  revision: 6ee8bb9310f78de85e6b89c8cac33493b0582383
  specs:
    actioncable (0.1.0)
      actionpack (>= 4.2.0)
      activesupport (>= 4.2.0)
      celluloid (~> 0.16.0)
      coffee-rails
      em-hiredis (~> 0.3.0)
      faye-websocket (~> 0.9.2)
      redis (~> 3.0)
      websocket-driver (= 0.5.4)

GIT
  remote: git://github.com/rails/arel.git
  revision: 935796f4fd7d75950db87156d6540028a9044fdf
  specs:
    arel (7.0.0.alpha)

GIT
  remote: git://github.com/rails/rails.git
  revision: 52cf1a71b393486435fab4386a8663b146608996
  specs:
    actionmailer (5.0.0.alpha)
      actionpack (= 5.0.0.alpha)
      actionview (= 5.0.0.alpha)
      activejob (= 5.0.0.alpha)
      mail (~> 2.5, >= 2.5.4)
      rails-dom-testing (~> 1.0, >= 1.0.5)
    actionpack (5.0.0.alpha)
      actionview (= 5.0.0.alpha)
      activesupport (= 5.0.0.alpha)
      rack (~> 1.6)
      rack-test (~> 0.6.3)
      rails-dom-testing (~> 1.0, >= 1.0.5)
      rails-html-sanitizer (~> 1.0, >= 1.0.2)
    actionview (5.0.0.alpha)
      activesupport (= 5.0.0.alpha)
      builder (~> 3.1)
      erubis (~> 2.7.0)
      rails-dom-testing (~> 1.0, >= 1.0.5)
      rails-html-sanitizer (~> 1.0, >= 1.0.2)
    activejob (5.0.0.alpha)
      activesupport (= 5.0.0.alpha)
      globalid (>= 0.3.0)
    activemodel (5.0.0.alpha)
      activesupport (= 5.0.0.alpha)
      builder (~> 3.1)
    activerecord (5.0.0.alpha)
      activemodel (= 5.0.0.alpha)
      activesupport (= 5.0.0.alpha)
      arel (= 7.0.0.alpha)
    activesupport (5.0.0.alpha)
      concurrent-ruby (~> 0.9.0)
      i18n (~> 0.7)
      json (~> 1.7, >= 1.7.7)
      minitest (~> 5.1)
      thread_safe (~> 0.3, >= 0.3.4)
      tzinfo (~> 1.1)
    rails (5.0.0.alpha)
      actionmailer (= 5.0.0.alpha)
      actionpack (= 5.0.0.alpha)
      actionview (= 5.0.0.alpha)
      activejob (= 5.0.0.alpha)
      activemodel (= 5.0.0.alpha)
      activerecord (= 5.0.0.alpha)
      activesupport (= 5.0.0.alpha)
      bundler (>= 1.3.0, < 2.0)
      railties (= 5.0.0.alpha)
      sprockets-rails
    railties (5.0.0.alpha)
      actionpack (= 5.0.0.alpha)
      activesupport (= 5.0.0.alpha)
      method_source
      rake (>= 0.8.7)
      thor (>= 0.18.1, < 2.0)

PATH
  remote: /Users/kelly/Rails/RealTimeRails
  specs:
    real_time_rails (0.1.0)
      actioncable
      puma

GEM
  remote: https://rubygems.org/
  specs:
    binding_of_caller (0.7.2)
      debug_inspector (>= 0.0.1)
    builder (3.2.2)
    byebug (5.0.0)
      columnize (= 0.9.0)
    celluloid (0.16.0)
      timers (~> 4.0.0)
    coffee-rails (4.1.0)
      coffee-script (>= 2.2.0)
      railties (>= 4.0.0, < 5.0)
    coffee-script (2.4.1)
      coffee-script-source
      execjs
    coffee-script-source (1.9.1.1)
    columnize (0.9.0)
    concurrent-ruby (0.9.0)
    debug_inspector (0.0.2)
    em-hiredis (0.3.0)
      eventmachine (~> 1.0)
      hiredis (~> 0.5.0)
    erubis (2.7.0)
    eventmachine (1.0.7)
    execjs (2.5.2)
    faye-websocket (0.9.2)
      eventmachine (>= 0.12.0)
      websocket-driver (>= 0.5.1)
    globalid (0.3.5)
      activesupport (>= 4.1.0)
    haml (4.0.6)
      tilt
    haml-rails (0.9.0)
      actionpack (>= 4.0.1)
      activesupport (>= 4.0.1)
      haml (>= 4.0.6, < 5.0)
      html2haml (>= 1.0.1)
      railties (>= 4.0.1)
    hiredis (0.5.2)
    hitimes (1.2.2)
    html2haml (2.0.0)
      erubis (~> 2.7.0)
      haml (~> 4.0.0)
      nokogiri (~> 1.6.0)
      ruby_parser (~> 3.5)
    i18n (0.7.0)
    jbuilder (2.3.1)
      activesupport (>= 3.0.0, < 5)
      multi_json (~> 1.2)
    jquery-rails (4.0.4)
      rails-dom-testing (~> 1.0)
      railties (>= 4.2.0)
      thor (>= 0.14, < 2.0)
    json (1.8.3)
    loofah (2.0.2)
      nokogiri (>= 1.5.9)
    mail (2.6.3)
      mime-types (>= 1.16, < 3)
    method_source (0.8.2)
    mime-types (2.6.1)
    mini_portile (0.6.2)
    minitest (5.7.0)
    multi_json (1.11.2)
    nokogiri (1.6.6.2)
      mini_portile (~> 0.6.0)
    puma (2.12.2)
    rack (1.6.4)
    rack-test (0.6.3)
      rack (>= 1.0)
    rails-deprecated_sanitizer (1.0.3)
      activesupport (>= 4.2.0.alpha)
    rails-dom-testing (1.0.6)
      activesupport (>= 4.2.0.beta, < 5.0)
      nokogiri (~> 1.6.0)
      rails-deprecated_sanitizer (>= 1.0.1)
    rails-html-sanitizer (1.0.2)
      loofah (~> 2.0)
    rake (10.4.2)
    redis (3.2.1)
    ruby_parser (3.7.0)
      sexp_processor (~> 4.1)
    sass (3.4.16)
    sass-rails (5.0.3)
      railties (>= 4.0.0, < 5.0)
      sass (~> 3.1)
      sprockets (>= 2.8, < 4.0)
      sprockets-rails (>= 2.0, < 4.0)
      tilt (~> 1.1)
    sexp_processor (4.6.0)
    spring (1.3.6)
    sprockets (3.2.0)
      rack (~> 1.0)
    sprockets-rails (2.3.2)
      actionpack (>= 3.0)
      activesupport (>= 3.0)
      sprockets (>= 2.8, < 4.0)
    sqlite3 (1.3.10)
    thor (0.19.1)
    thread_safe (0.3.5)
    tilt (1.4.1)
    timers (4.0.1)
      hitimes
    turbolinks (2.5.3)
      coffee-rails
    tzinfo (1.2.2)
      thread_safe (~> 0.1)
    uglifier (2.7.1)
      execjs (>= 0.3.0)
      json (>= 1.8.0)
    web-console (2.2.1)
      activemodel (>= 4.0)
      binding_of_caller (>= 0.7.2)
      railties (>= 4.0)
      sprockets-rails (>= 2.0, < 4.0)
    websocket-driver (0.5.4)
      websocket-extensions (>= 0.1.0)
    websocket-extensions (0.1.2)

PLATFORMS
  ruby

DEPENDENCIES
  actioncable!
  arel!
  byebug
  coffee-rails (~> 4.1.0)
  haml-rails
  jbuilder (~> 2.0)
  jquery-rails
  rails!
  real_time_rails!
  sass-rails (~> 5.0)
  spring
  sqlite3
  turbolinks
  uglifier (>= 1.3.0)
  web-console (~> 2.0)

BUNDLED WITH
   1.10.5
